GEM
  remote: http://rubygems.org/
  specs:
    addressable (2.3.8)
    bcrypt (3.1.10)
    data_objects (0.10.16)
      addressable (~> 2.1)
    dm-core (1.2.1)
      addressable (~> 2.3)
    dm-do-adapter (1.2.0)
      data_objects (~> 0.10.6)
      dm-core (~> 1.2.0)
    dm-migrations (1.2.0)
      dm-core (~> 1.2.0)
    dm-postgres-adapter (1.2.0)
      dm-do-adapter (~> 1.2.0)
      do_postgres (~> 0.10.6)
    dm-timestamps (1.2.0)
      dm-core (~> 1.2.0)
    dm-validations (1.2.0)
      dm-core (~> 1.2.0)
    do_postgres (0.10.16)
      data_objects (= 0.10.16)
    rack (1.6.4)
    rack-protection (1.5.3)
      rack
    sinatra (1.4.6)
      rack (~> 1.4)
      rack-protection (~> 1.4)
      tilt (>= 1.3, < 3)
    tilt (1.3.3)

PLATFORMS
  ruby

DEPENDENCIES
  bcrypt
  dm-core
  dm-migrations
  dm-postgres-adapter
  dm-timestamps
  dm-validations
  sinatra

BUNDLED WITH
   1.10.6
